{
    "TaskName": "implicitlearn",
    "Manufacturer": "Biosemi",
    "PowerLineFrequency": "n/a",
    "SamplingFrequency": 1024.0,
    "SoftwareFilters": "n/a",
    "RecordingDuration": 3390.9990234375,
    "RecordingType": "continuous",
    "EEGReference": "n/a",
    "EEGGround": "n/a",
    "EEGPlacementScheme": "n/a",
    "EEGChannelCount": 72,
    "EOGChannelCount": 0,
    "ECGChannelCount": 0,
    "EMGChannelCount": 0,
    "MiscChannelCount": 0,
    "TriggerChannelCount": 1
}
